RESTRICTION: == netcoreapp3.1
NUGET
  remote: https://api.nuget.org/v3/index.json
    FAKE (4.64.18)
    OpenTK (4.1)
      OpenTK.Compute (>= 4.1)
      OpenTK.Core (>= 4.1)
      OpenTK.Graphics (>= 4.1)
      OpenTK.Input (>= 4.1)
      OpenTK.Mathematics (>= 4.1)
      OpenTK.OpenAL (>= 4.1)
      OpenTK.Windowing.Common (>= 4.1)
      OpenTK.Windowing.Desktop (>= 4.1)
      OpenTK.Windowing.GraphicsLibraryFramework (>= 4.1)
    OpenTK.Compute (4.1)
    OpenTK.Core (4.1)
    OpenTK.Graphics (4.1)
      OpenTK.Core (>= 4.1 < 4.2)
      OpenTK.Mathematics (>= 4.1 < 4.2)
    OpenTK.Input (4.1)
    OpenTK.Mathematics (4.1)
    OpenTK.OpenAL (4.1)
      OpenTK.Core (>= 4.1 < 4.2)
      OpenTK.Mathematics (>= 4.1 < 4.2)
    OpenTK.redist.glfw (3.3.0-pre20200830200122)
    OpenTK.Windowing.Common (4.1)
      OpenTK.Core (>= 4.1 < 4.2)
      OpenTK.Mathematics (>= 4.1 < 4.2)
    OpenTK.Windowing.Desktop (4.1)
      OpenTK.Core (>= 4.1 < 4.2)
      OpenTK.Mathematics (>= 4.1 < 4.2)
      OpenTK.Windowing.Common (>= 4.1 < 4.2)
      OpenTK.Windowing.GraphicsLibraryFramework (>= 4.1 < 4.2)
    OpenTK.Windowing.GraphicsLibraryFramework (4.1)
      OpenTK.Core (>= 4.1 < 4.2)
      OpenTK.redist.glfw (>= 3.3.0-pre20200830200122 < 3.4.0-pre)
